GEM
  remote: https://rubygems.org/
  specs:
    iron_core (1.0.3)
      rest (>= 2.6.4)
    iron_worker_ng (1.2.0)
      bundler
      iron_core (>= 1.0.0)
      rubyzip (>= 1.0.0)
    net-http-persistent (2.9.4)
    netrc (0.7.7)
    rest (2.7.1)
      net-http-persistent (>= 2.9.1)
      rest_client (>= 1.7.1)
    rest_client (1.7.3)
      netrc (~> 0.7.7)
    rubyzip (1.1.0)

PLATFORMS
  ruby

DEPENDENCIES
  iron_worker_ng
